{
  "ECGChannelCount": 0,
  "EEGChannelCount": 67,
  "EEGReference": "FCz",
  "EMGChannelCount": 0,
  "EOGChannelCount": 0,
  "InstitutionAddress": "Bellmont Hall, Austin",
  "InstitutionName": "University of Texas at Austin",
  "InstitutionalDepartmentName": "Department of Kinesiology and Health Education",
  "MiscChannelCount": 0,
  "PowerLineFrequency": 60,
  "RecordingDuration": 508.7592,
  "SamplingFrequency": 5000,
  "TaskDescription": "Subjects were seated and resting with their eyes open and their hands and arms rested on the chair, while receiving single pulse TMS",
  "TaskName": "testinglow120RMT",
  "TriggerChannelCount": 0,
  "Manufacturer": "Bittium Biosignals",
  "SoftwareVersions": "NeurOne",
  "SoftwareFilters": "n/a"
}